STORAGE: NONE
NUGET
  remote: https://www.nuget.org/api/v2
    Fable.AST (4.2.1) - restriction: >= netstandard2.0
    Fable.Browser.Blob (1.3) - restriction: >= netstandard2.0
      Fable.Core (>= 3.0) - restriction: >= netstandard2.0
      FSharp.Core (>= 4.7.2) - restriction: >= netstandard2.0
    Fable.Browser.Dom (2.14)
      Fable.Browser.Blob (>= 1.3) - restriction: >= netstandard2.0
      Fable.Browser.Event (>= 1.5) - restriction: >= netstandard2.0
      Fable.Browser.WebStorage (>= 1.2) - restriction: >= netstandard2.0
      Fable.Core (>= 3.2.8) - restriction: >= netstandard2.0
      FSharp.Core (>= 4.7.2) - restriction: >= netstandard2.0
    Fable.Browser.Event (1.5) - restriction: >= netstandard2.0
      Fable.Browser.Gamepad (>= 1.1) - restriction: >= netstandard2.0
      Fable.Core (>= 3.0) - restriction: >= netstandard2.0
      FSharp.Core (>= 4.7.2) - restriction: >= netstandard2.0
    Fable.Browser.Gamepad (1.2) - restriction: >= netstandard2.0
      Fable.Core (>= 3.0) - restriction: >= netstandard2.0
      FSharp.Core (>= 4.7.2) - restriction: >= netstandard2.0
    Fable.Browser.WebStorage (1.2) - restriction: >= netstandard2.0
      Fable.Browser.Event (>= 1.5) - restriction: >= netstandard2.0
      Fable.Core (>= 3.0) - restriction: >= netstandard2.0
      FSharp.Core (>= 4.7.2) - restriction: >= netstandard2.0
    Fable.Core (4.0)
    Fable.Elmish (4.0.2)
      Fable.Core (>= 3.7.1) - restriction: >= netstandard2.0
      FSharp.Core (>= 4.7.2) - restriction: >= netstandard2.0
    Fable.Elmish.React (4.0)
      Fable.Elmish (>= 4.0) - restriction: >= netstandard2.0
      Fable.ReactDom.Types (>= 18.0) - restriction: >= netstandard2.0
      FSharp.Core (>= 4.7.2) - restriction: >= netstandard2.0
    Fable.FontAwesome (3.0) - restriction: >= netstandard2.0
      Fable.Core (>= 3.7.1) - restriction: >= netstandard2.0
      Fable.React (>= 9.2) - restriction: >= netstandard2.0
    Fable.FontAwesome.Free (3.0)
      Fable.Core (>= 3.7.1) - restriction: >= netstandard2.0
      Fable.FontAwesome (>= 3.0) - restriction: >= netstandard2.0
      Fable.React (>= 9.2) - restriction: >= netstandard2.0
    Fable.React (9.3)
      Fable.React.Types (>= 18.3) - restriction: >= netstandard2.0
      Fable.ReactDom.Types (>= 18.2) - restriction: >= netstandard2.0
      FSharp.Core (>= 4.7.2) - restriction: >= netstandard2.0
    Fable.React.Types (18.3) - restriction: >= netstandard2.0
      Fable.Browser.Dom (>= 2.4.4) - restriction: >= netstandard2.0
      Fable.Core (>= 3.2.7) - restriction: >= netstandard2.0
      FSharp.Core (>= 4.7.2) - restriction: >= netstandard2.0
    Fable.ReactDom.Types (18.2) - restriction: >= netstandard2.0
      Fable.React.Types (>= 18.3) - restriction: >= netstandard2.0
      FSharp.Core (>= 4.7.2) - restriction: >= netstandard2.0
    Feliz (2.6)
      Fable.ReactDom.Types (>= 18.2) - restriction: >= netstandard2.0
      Feliz.CompilerPlugins (>= 2.2) - restriction: >= netstandard2.0
      FSharp.Core (>= 4.7.2) - restriction: >= netstandard2.0
    Feliz.CompilerPlugins (2.2) - restriction: >= netstandard2.0
      Fable.AST (>= 4.2.1) - restriction: >= netstandard2.0
      FSharp.Core (>= 4.7.2) - restriction: >= netstandard2.0
    FSharp.Core (6.0.7)
    Fulma (3.0)
      Fable.Core (>= 3.7.1) - restriction: >= netstandard2.0
      Fable.React (>= 9.2) - restriction: >= netstandard2.0
    Zanaptak.TypedCssClasses (1.0)
      FSharp.Core (>= 4.3.4) - restriction: >= netstandard2.0
